GEM
  remote: https://rubygems.org/
  specs:
    aws-eventstream (1.4.0)
    aws-partitions (1.1147.0)
    aws-sdk-core (3.229.0)
      aws-eventstream (~> 1, >= 1.3.0)
      aws-partitions (~> 1, >= 1.992.0)
      aws-sigv4 (~> 1.9)
      base64
      bigdecimal
      jmespath (~> 1, >= 1.6.1)
      logger
    aws-sdk-dynamodb (1.150.0)
      aws-sdk-core (~> 3, >= 3.228.0)
      aws-sigv4 (~> 1.5)
    aws-sigv4 (1.12.1)
      aws-eventstream (~> 1, >= 1.0.2)
    base64 (0.3.0)
    bigdecimal (3.2.2)
    date (3.4.1)
    debug (1.11.0)
      irb (~> 1.10)
      reline (>= 0.3.8)
    erb (5.0.2)
    io-console (0.8.1)
    irb (1.15.2)
      pp (>= 0.6.0)
      rdoc (>= 4.0.0)
      reline (>= 0.4.2)
    jmespath (1.6.2)
    logger (1.7.0)
    pp (0.6.2)
      prettyprint
    prettyprint (0.2.0)
    psych (5.2.6)
      date
      stringio
    rdoc (6.14.2)
      erb
      psych (>= 4.0.0)
    reline (0.6.2)
      io-console (~> 0.5)
    stringio (3.1.7)

PLATFORMS
  x64-mingw-ucrt

DEPENDENCIES
  aws-sdk-dynamodb (~> 1.150)
  debug (~> 1.11)

BUNDLED WITH
   2.6.9
